GEM
  remote: http://ruby.taobao.org/
  specs:
    terminal-notifier (1.5.1)

PLATFORMS
  ruby

DEPENDENCIES
  terminal-notifier
